GEM
  remote: https://rubygems.org/
  specs:
    awesome_print (1.8.0)
    diff-lcs (1.3)
    filelock (1.1.1)
    find_a_port (1.0.1)
    json (2.1.0)
    mustermann (1.0.3)
    pact (1.40.0)
      json (> 1.8.5)
      pact-mock_service (~> 2.10)
      pact-support (~> 1.8)
      rack-test (~> 0.6, >= 0.6.3)
      randexp (~> 0.1.7)
      rspec (>= 2.14)
      term-ansicolor (~> 1.0)
      thor
      webrick
    pact-mock_service (2.12.0)
      filelock (~> 1.1)
      find_a_port (~> 1.0.1)
      json
      pact-support (~> 1.2, >= 1.2.1)
      rack (~> 2.0)
      rspec (>= 2.14)
      term-ansicolor (~> 1.0)
      thor (~> 0.19)
      webrick (~> 1.3)
    pact-support (1.10.1)
      awesome_print (~> 1.1)
      find_a_port (~> 1.0.1)
      json
      randexp (~> 0.1.7)
      rspec (>= 2.14)
      term-ansicolor (~> 1.0)
      thor
    rack (2.0.6)
    rack-protection (2.0.5)
      rack
    rack-test (0.8.3)
      rack (>= 1.0, < 3)
    rake (12.3.2)
    randexp (0.1.7)
    rspec (3.8.0)
      rspec-core (~> 3.8.0)
      rspec-expectations (~> 3.8.0)
      rspec-mocks (~> 3.8.0)
    rspec-core (3.8.0)
      rspec-support (~> 3.8.0)
    rspec-expectations (3.8.2)
      diff-lcs (>= 1.2.0, < 2.0)
      rspec-support (~> 3.8.0)
    rspec-mocks (3.8.0)
      diff-lcs (>= 1.2.0, < 2.0)
      rspec-support (~> 3.8.0)
    rspec-support (3.8.0)
    rspec_junit_formatter (0.4.1)
      rspec-core (>= 2, < 4, != 2.12.0)
    sinatra (2.0.5)
      mustermann (~> 1.0)
      rack (~> 2.0)
      rack-protection (= 2.0.5)
      tilt (~> 2.0)
    term-ansicolor (1.7.0)
      tins (~> 1.0)
    thor (0.20.3)
    tilt (2.0.9)
    tins (1.20.2)
    webrick (1.4.2)

PLATFORMS
  ruby

DEPENDENCIES
  pact
  rake
  rspec
  rspec_junit_formatter
  sinatra

BUNDLED WITH
   1.17.2
